GEM
  remote: https://rubygems.org/
  specs:
    actionmailer (3.2.6)
      actionpack (= 3.2.6)
      mail (~> 2.4.4)
    actionpack (3.2.6)
      activemodel (= 3.2.6)
      activesupport (= 3.2.6)
      builder (~> 3.0.0)
      erubis (~> 2.7.0)
      journey (~> 1.0.1)
      rack (~> 1.4.0)
      rack-cache (~> 1.2)
      rack-test (~> 0.6.1)
      sprockets (~> 2.1.3)
    activemodel (3.2.6)
      activesupport (= 3.2.6)
      builder (~> 3.0.0)
    activerecord (3.2.6)
      activemodel (= 3.2.6)
      activesupport (= 3.2.6)
      arel (~> 3.0.2)
      tzinfo (~> 0.3.29)
    activeresource (3.2.6)
      activemodel (= 3.2.6)
      activesupport (= 3.2.6)
    activesupport (3.2.6)
      i18n (~> 0.6)
      multi_json (~> 1.0)
    acts-as-taggable-on (2.2.2)
      rails (~> 3.0)
    ancestry (1.2.5)
      activerecord (>= 2.2.2)
    annotate (2.5.0)
      rake
    arel (3.0.2)
    avatars_for_rails (0.2.6)
      foreigner (>= 0.9.1)
      jquery-rails (>= 1.0.9)
      paperclip (>= 2.3.4)
      rmagick (>= 2.13.1)
    bcrypt-ruby (3.0.1)
    bootstrap-sass (2.0.4.0)
    builder (3.0.0)
    cancan (1.6.7)
    carrierwave (0.6.2)
      activemodel (>= 3.2.0)
      activesupport (>= 3.2.0)
    ckeditor (3.7.1)
      mime-types
      orm_adapter
    cocaine (0.2.1)
    coffee-rails (3.2.2)
      coffee-script (>= 2.2.0)
      railties (~> 3.2.0)
    coffee-script (2.2.0)
      coffee-script-source
      execjs
    coffee-script-source (1.3.3)
    columnize (0.3.6)
    debugger (1.2.0)
      columnize (>= 0.3.1)
      debugger-linecache (~> 1.1.1)
      debugger-ruby_core_source (~> 1.1.3)
    debugger-linecache (1.1.2)
      debugger-ruby_core_source (>= 1.1.1)
    debugger-ruby_core_source (1.1.3)
    deep_merge (1.0.0)
    deface (0.9.1)
      nokogiri (~> 1.5.0)
      rails (~> 3.1)
    delayed_paperclip (2.4.5.1)
      paperclip (>= 2.4.5)
    devise (1.5.3)
      bcrypt-ruby (~> 3.0)
      orm_adapter (~> 0.0.3)
      warden (~> 1.1)
    dynamic_form (1.1.4)
    erubis (2.7.0)
    execjs (1.4.0)
      multi_json (~> 1.0)
    faraday (0.8.1)
      multipart-post (~> 1.1)
    foreigner (1.1.6)
      activerecord (>= 3.0.0)
    formtastic (1.2.4)
      actionpack (>= 2.3.7)
      activesupport (>= 2.3.7)
      i18n (~> 0.4)
    ging-opengraph (0.0.5)
      hashie
      nokogiri (>= 1.4.0)
      rest-client (~> 1.6.0)
    haml (3.1.6)
    haml-rails (0.3.4)
      actionpack (~> 3.0)
      activesupport (~> 3.0)
      haml (~> 3.0)
      railties (~> 3.0)
    has_scope (0.5.1)
    hashie (1.2.0)
    hike (1.2.1)
    httpauth (0.1)
    i18n (0.6.0)
    i18n-js (2.1.2)
      i18n
    inherited_resources (1.3.1)
      has_scope (~> 0.5.0)
      responders (~> 0.6)
    journey (1.0.4)
    jquery-rails (2.0.2)
      railties (>= 3.2.0, < 5.0)
      thor (~> 0.14)
    json (1.7.4)
    jwt (0.1.5)
      multi_json (>= 1.0)
    kaminari (0.13.0)
      actionpack (>= 3.0.0)
      activesupport (>= 3.0.0)
      railties (>= 3.0.0)
    linkser (0.0.12)
      ging-opengraph (~> 0.0.4)
      nokogiri (>= 1.4.0)
      rake
      rmagick (~> 2.13.1)
      ruby-imagespec (~> 0.2.0)
    mail (2.4.4)
      i18n (>= 0.4.0)
      mime-types (~> 1.16)
      treetop (~> 1.4.8)
    mailboxer (0.6.5)
      carrierwave (>= 0.5.8)
      foreigner (>= 0.9.1)
      rails (> 3.0.0)
    mime-types (1.19)
    mini_magick (3.4)
      subexec (~> 0.2.1)
    modernizr-rails (2.0.6)
    multi_json (1.3.6)
    multipart-post (1.1.5)
    net-sftp (2.0.5)
      net-ssh (>= 2.0.9)
    net-ssh (2.5.2)
    nokogiri (1.5.5)
    oauth (0.4.6)
    oauth2 (0.8.0)
      faraday (~> 0.8)
      httpauth (~> 0.1)
      jwt (~> 0.1.4)
      multi_json (~> 1.0)
      rack (~> 1.2)
    omniauth (1.0.3)
      hashie (~> 1.2)
      rack
    omniauth-facebook (1.2.0)
      omniauth-oauth2 (~> 1.0.0)
    omniauth-linkedin (0.0.6)
      omniauth-oauth (~> 1.0.0)
    omniauth-oauth (1.0.1)
      oauth
      omniauth (~> 1.0)
    omniauth-oauth2 (1.0.3)
      oauth2 (~> 0.8.0)
      omniauth (~> 1.0)
    orm_adapter (0.0.7)
    paperclip (2.4.5)
      activerecord (>= 2.3.0)
      activesupport (>= 2.3.2)
      cocaine (>= 0.0.2)
      mime-types
    paperclip-ffmpeg (0.7.0)
      paperclip (>= 2.3.8)
    pg (0.14.0)
    polyglot (0.3.3)
    rack (1.4.1)
    rack-cache (1.2)
      rack (>= 0.4)
    rack-protection (1.2.0)
      rack
    rack-ssl (1.3.2)
      rack
    rack-test (0.6.1)
      rack (>= 1.0)
    rails (3.2.6)
      actionmailer (= 3.2.6)
      actionpack (= 3.2.6)
      activerecord (= 3.2.6)
      activeresource (= 3.2.6)
      activesupport (= 3.2.6)
      bundler (~> 1.0)
      railties (= 3.2.6)
    rails-scheduler (0.0.9)
      rails (>= 3.1.0)
      recurrence (~> 1.2.0)
    rails_autolink (1.0.9)
      rails (~> 3.1)
    railties (3.2.6)
      actionpack (= 3.2.6)
      activesupport (= 3.2.6)
      rack-ssl (~> 1.3.2)
      rake (>= 0.8.7)
      rdoc (~> 3.4)
      thor (>= 0.14.6, < 2.0)
    rake (0.9.2.2)
    rdoc (3.12)
      json (~> 1.4)
    recurrence (1.2.0)
      activesupport (>= 2.3.0)
      i18n
    redis (2.2.2)
    redis-namespace (1.0.3)
      redis (< 3.0.0)
    responders (0.9.2)
      railties (~> 3.1)
    resque (1.20.0)
      multi_json (~> 1.0)
      redis-namespace (~> 1.0.2)
      sinatra (>= 0.9.2)
      vegas (~> 0.1.2)
    rest-client (1.6.7)
      mime-types (>= 1.16)
    riddle (1.5.2)
    rmagick (2.13.1)
    ruby-imagespec (0.2.0)
    sass (3.1.20)
    sass-rails (3.2.5)
      railties (~> 3.2.0)
      sass (>= 3.1.10)
      tilt (~> 1.3)
    sinatra (1.3.2)
      rack (~> 1.3, >= 1.3.6)
      rack-protection (~> 1.2)
      tilt (~> 1.3, >= 1.3.3)
    social_cheesecake (0.5.0)
      railties (>= 3.1.3)
    social_stream (0.28.0)
      social_stream-base (~> 0.22.0)
      social_stream-documents (~> 0.16.0)
      social_stream-events (~> 0.14.0)
      social_stream-linkser (~> 0.13.0)
      social_stream-presence (~> 0.15.0)
    social_stream-base (0.22.0)
      acts-as-taggable-on (~> 2.2.2)
      ancestry (~> 1.2.3)
      avatars_for_rails (~> 0.2.5)
      cancan (= 1.6.7)
      deep_merge
      devise (~> 1.5.3)
      foreigner (~> 1.1.1)
      formtastic (~> 1.2.3)
      i18n-js (~> 2.1.2)
      inherited_resources (~> 1.3.0)
      jquery-rails (>= 1.0.9)
      kaminari (~> 0.13.0)
      mailboxer (~> 0.6.5)
      modernizr-rails (~> 2.0.6)
      omniauth (~> 1.0.2)
      omniauth-facebook (~> 1.2.0)
      omniauth-linkedin (~> 0.0.6)
      rails (>= 3.1.0)
      rails_autolink (~> 1.0.4)
      resque (~> 1.20.0)
      sass-rails (>= 3.1.0)
      social_cheesecake (~> 0.5.0)
      stringex (~> 1.3.0)
      thinking-sphinx (~> 2.0.8)
    social_stream-documents (0.16.0)
      delayed_paperclip (= 2.4.5.1)
      paperclip (= 2.4.5)
      paperclip-ffmpeg (~> 0.7.0)
      social_stream-base (~> 0.22.0)
    social_stream-events (0.14.0)
      rails-scheduler (~> 0.0.8)
      social_stream-base (~> 0.22.0)
    social_stream-linkser (0.13.0)
      linkser (~> 0.0.12)
      social_stream-base (~> 0.22.0)
    social_stream-presence (0.15.0)
      net-sftp
      net-ssh
      social_stream-base (~> 0.22.0)
      xmpp4r
    sprockets (2.1.3)
      hike (~> 1.2)
      rack (~> 1.0)
      tilt (~> 1.1, != 1.3.0)
    state_machine (1.1.2)
    stringex (1.3.3)
    subexec (0.2.2)
    thinking-sphinx (2.0.12)
      activerecord (>= 3.0.3)
      builder (>= 2.1.2)
      riddle (>= 1.5.2)
    thor (0.15.4)
    tilt (1.3.3)
    treetop (1.4.10)
      polyglot
      polyglot (>= 0.3.1)
    tzinfo (0.3.33)
    uglifier (1.2.6)
      execjs (>= 0.3.0)
      multi_json (~> 1.3)
    vegas (0.1.11)
      rack (>= 1.0.0)
    warden (1.2.1)
      rack (>= 1.0)
    xmpp4r (0.5)

PLATFORMS
  ruby

DEPENDENCIES
  ancestry
  annotate
  bootstrap-sass
  carrierwave
  ckeditor
  coffee-rails (~> 3.2.1)
  debugger
  deface (~> 0.9.1)
  dynamic_form
  haml-rails
  jquery-rails
  mini_magick
  pg
  rails (= 3.2.6)
  sass-rails (~> 3.2.3)
  social_stream (>= 0.19.0)
  state_machine
  uglifier (>= 1.0.3)
